GEM
  remote: https://rubygems.org/
  specs:
    addressable (2.8.7)
      public_suffix (>= 2.0.2, < 7.0)
    childprocess (4.0.0)
    concurrent-ruby (1.1.10)
    cri (2.15.12)
    deep_merge (1.2.2)
    diff-lcs (1.4.4)
    facter (4.7.1)
      hocon (~> 1.3)
      thor (>= 1.0.1, < 1.3)
    fast_gettext (1.1.2)
    ffi (1.17.0)
    gettext (3.2.9)
      locale (>= 2.0.5)
      text (>= 1.3.0)
    gettext-setup (0.34)
      fast_gettext (~> 1.1.0)
      gettext (>= 3.0.2, < 3.3.0)
      locale
    hiera (3.12.0)
    hitimes (2.0.0)
    hocon (1.4.0)
    httpclient (2.8.3)
    json-schema (2.8.0)
      addressable (>= 2.4)
    json_pure (2.5.1)
    locale (2.1.4)
    minitar (0.9)
    multi_json (1.15.0)
    pastel (0.8.0)
      tty-color (~> 0.5)
    pathspec (0.2.1)
    pdk (2.6.1)
      bundler (>= 1.15.0, < 3.0.0)
      childprocess (~> 4.0.0)
      concurrent-ruby (~> 1.1.5)
      cri (~> 2.10)
      deep_merge (~> 1.1)
      diff-lcs (>= 1.4.4, < 1.5)
      facter (>= 2.5.1, < 5.0.0)
      ffi (>= 1.9.25, < 2.0.0)
      gettext-setup (~> 0.24)
      hitimes (= 2.0.0)
      httpclient (~> 2.8.3)
      json-schema (= 2.8.0)
      json_pure (~> 2.5.1)
      minitar (~> 0.6)
      pathspec (~> 0.2.1)
      tty-prompt (~> 0.22)
      tty-spinner (~> 0.5)
      tty-which (~> 0.3)
    public_suffix (5.1.1)
    puppet (7.22.0)
      concurrent-ruby (~> 1.0, < 1.2.0)
      deep_merge (~> 1.0)
      facter (> 2.0.1, < 5)
      fast_gettext (>= 1.1, < 3)
      hiera (>= 3.2.1, < 4)
      locale (~> 2.1)
      multi_json (~> 1.10)
      puppet-resource_api (~> 1.5)
      scanf (~> 1.0)
      semantic_puppet (~> 1.0)
    puppet-lint (3.4.0)
    puppet-resource_api (1.9.0)
      hocon (>= 1.0)
    scanf (1.0.0)
    semantic_puppet (1.0.4)
    text (1.3.1)
    thor (1.2.2)
    tty-color (0.6.0)
    tty-cursor (0.7.1)
    tty-prompt (0.23.1)
      pastel (~> 0.8)
      tty-reader (~> 0.8)
    tty-reader (0.9.0)
      tty-cursor (~> 0.7)
      tty-screen (~> 0.8)
      wisper (~> 2.0)
    tty-screen (0.8.2)
    tty-spinner (0.9.3)
      tty-cursor (~> 0.7)
    tty-which (0.5.0)
    wisper (2.0.1)

PLATFORMS
  ruby

DEPENDENCIES
  bundler (= 1.17.3)
  pdk (= 2.6.1)
  public_suffix (= 5.1.1)
  puppet (= 7.22.0)
  puppet-lint (= 3.4.0)

BUNDLED WITH
   1.17.3
